GIT
  remote: https://github.com/emberjs/docs-generator.git
  revision: cfbb82496c1c342ff6da49fc46559dd8fddf8b55
  specs:
    ember-docs (0.1)
      rack
      thor

GIT
  remote: https://github.com/livingsocial/rake-pipeline.git
  revision: b70ca6cad7655e58d13031f3e24df7dfc74f9030
  specs:
    rake-pipeline (0.6.0)
      rake (~> 0.9.0)
      thor

GIT
  remote: https://github.com/wycats/rake-pipeline-web-filters.git
  revision: ba0b8a00356b4c854930a8e849b5629d51ffd70f
  specs:
    rake-pipeline-web-filters (0.6.0)
      rack
      rake-pipeline (~> 0.6)

GEM
  remote: http://rubygems.org/
  specs:
    colored (1.2)
    confparser (0.0.2.1)
    execjs (1.3.0)
      multi_json (~> 1.0)
    faster_xml_simple (0.5.0)
      libxml-ruby (>= 0.3.8.4)
    github-upload (0.0.2)
      confparser
      net-github-upload (>= 0.0.6)
    httpclient (2.2.4)
    json (1.6.6)
    kicker (2.5.0)
      rb-fsevent
    libxml-ruby (2.3.2)
    multi_json (1.2.0)
    net-github-upload (0.0.8)
      faster_xml_simple
      httpclient
      json
      nokogiri (>= 1.4.0)
    nokogiri (1.5.2)
    rack (1.4.1)
    rake (0.9.2.2)
    rb-fsevent (0.9.0)
    thor (0.14.6)
    uglifier (1.0.4)
      execjs (>= 0.3.0)
      multi_json (>= 1.0.2)

PLATFORMS
  ruby

DEPENDENCIES
  colored
  ember-docs!
  github-upload
  kicker
  rack
  rake-pipeline!
  rake-pipeline-web-filters!
  uglifier (~> 1.0.3)
