GIT
  remote: https://github.com/livingsocial/rake-pipeline.git
  revision: 56bbc5d9cf7ce1b69d29d3d6af7282603dcdebba
  specs:
    rake-pipeline (0.5.0)
      rake (~> 0.9.0)
      thor

GIT
  remote: https://github.com/wycats/abbot-from-scratch.git
  revision: 29dfaa6c3c120847e61f742f74c414e4872cc142
  specs:
    sproutcore (0.0.1)

GIT
  remote: https://github.com/wycats/rake-pipeline-web-filters.git
  revision: e7273a0c5df7181c9cc0bca31cb3dec7fa39fcc8
  specs:
    rake-pipeline-web-filters (0.5.0)
      rack
      rake-pipeline

GEM
  remote: http://rubygems.org/
  specs:
    confparser (0.0.2.1)
    execjs (1.2.13)
      multi_json (~> 1.0)
    faster_xml_simple (0.5.0)
      libxml-ruby (>= 0.3.8.4)
    github-upload (0.0.2)
      confparser
      net-github-upload (>= 0.0.6)
    httpclient (2.2.4)
    json (1.6.4)
    libxml-ruby (2.2.2)
    multi_json (1.0.4)
    net-github-upload (0.0.7)
      faster_xml_simple
      httpclient
      json
      nokogiri (>= 1.4.0)
    nokogiri (1.5.0)
    rack (1.4.0)
    rake (0.9.2.2)
    thor (0.14.6)
    uglifier (1.0.4)
      execjs (>= 0.3.0)
      multi_json (>= 1.0.2)

PLATFORMS
  ruby

DEPENDENCIES
  execjs (~> 1.2.6)
  github-upload
  rack
  rake-pipeline!
  rake-pipeline-web-filters!
  sproutcore!
  uglifier (~> 1.0.3)
