GIT
  remote: https://github.com/emberjs/ember-dev.git
  revision: debb6c233ea0f0c9b02d542be5250ecab4ebd1ca
  branch: master
  specs:
    ember-dev (0.1)
      aws-sdk
      colored
      execjs
      grit
      kicker
      puma
      rack
      rake-pipeline (~> 0.8.0)
      rake-pipeline-web-filters (~> 0.7.0)
      uglifier

GIT
  remote: https://github.com/livingsocial/rake-pipeline.git
  revision: a75d96fbadcc659a35a0ae59212e0bc60b58cc54
  specs:
    rake-pipeline (0.8.0)
      json
      rake (~> 10.1.0)
      thor

PATH
  remote: .
  specs:
    ember-data-source (1.0.0.beta.3)
      ember-source

GEM
  remote: https://rubygems.org/
  specs:
    aws-sdk (1.21.0)
      json (~> 1.4)
      nokogiri (>= 1.4.4, < 1.6.0)
      uuidtools (~> 2.1)
    celluloid (0.15.2)
      timers (~> 1.1.0)
    colored (1.2)
    diff-lcs (1.2.4)
    ember-source (1.0.0)
      handlebars-source (= 1.0.12)
    execjs (2.0.2)
    ffi (1.9.0)
    grit (2.5.0)
      diff-lcs (~> 1.1)
      mime-types (~> 1.15)
      posix-spawn (~> 0.3.6)
    handlebars-source (1.0.12)
    json (1.8.0)
    kicker (2.6.1)
      listen
    listen (2.1.0)
      celluloid (>= 0.15.2)
      rb-fsevent (>= 0.9.3)
      rb-inotify (>= 0.9)
    mime-types (1.25)
    multi_json (1.8.2)
    nokogiri (1.5.10)
    posix-spawn (0.3.6)
    puma (2.6.0)
      rack (>= 1.1, < 2.0)
    rack (1.5.2)
    rake (10.1.0)
    rake-pipeline-web-filters (0.7.0)
      rack
      rake-pipeline (~> 0.6)
    rb-fsevent (0.9.3)
    rb-inotify (0.9.2)
      ffi (>= 0.5.0)
    thor (0.18.1)
    timers (1.1.0)
    uglifier (2.2.1)
      execjs (>= 0.3.0)
      multi_json (~> 1.0, >= 1.0.2)
    uuidtools (2.1.4)

PLATFORMS
  ruby

DEPENDENCIES
  ember-data-source!
  ember-dev!
  ember-source (~> 1.0)
  puma
  rake-pipeline!
